GEM
  remote: https://rubygems.org/
  specs:
    addressable (2.3.8)
    dotenv (0.11.1)
      dotenv-deployment (~> 0.0.2)
    dotenv-deployment (0.0.2)
    faraday (0.9.2)
      multipart-post (>= 1.2, < 3)
    multi_json (1.11.2)
    multipart-post (2.0.0)
    slack-client (0.0.1)
      addressable (~> 2.3)
      dotenv (~> 0.11)
      faraday (~> 0.9)
      multi_json (~> 1.10)
      thor (~> 0.19)
    thor (0.19.1)

PLATFORMS
  ruby

DEPENDENCIES
  slack-client

BUNDLED WITH
   1.11.2
